GEM
  remote: http://rubygems.org/
  specs:
    diff-lcs (1.3)
    mini_portile2 (2.2.0)
    mustermann (1.0.1)
    nokogiri (1.8.0)
      mini_portile2 (~> 2.2.0)
    path (1.3.3)
    rack (2.0.3)
    rack-accept (0.4.5)
      rack (>= 0.4)
    rack-protection (2.0.0)
      rack
    rack-test (0.7.0)
      rack (>= 1.0, < 3)
    rake (10.5.0)
    rspec (3.6.0)
      rspec-core (~> 3.6.0)
      rspec-expectations (~> 3.6.0)
      rspec-mocks (~> 3.6.0)
    rspec-core (3.6.0)
      rspec-support (~> 3.6.0)
    rspec-expectations (3.6.0)
      diff-lcs (>= 1.2.0, < 2.0)
      rspec-support (~> 3.6.0)
    rspec-mocks (3.6.0)
      diff-lcs (>= 1.2.0, < 2.0)
      rspec-support (~> 3.6.0)
    rspec-support (3.6.0)
    sinatra (2.0.0)
      mustermann (~> 1.0)
      rack (~> 2.0)
      rack-protection (= 2.0.0)
      tilt (~> 2.0)
    tilt (2.0.8)

PLATFORMS
  ruby

DEPENDENCIES
  nokogiri (~> 1.8)
  path (~> 1.3)
  rack-accept (~> 0.4.5)
  rack-test (~> 0.7)
  rake (~> 10.0)
  rspec (~> 3.0)
  sinatra (~> 2.0)

BUNDLED WITH
   1.14.6
